PATH
  remote: .
  specs:
    data_uri (0.0.3.1)

GEM
  remote: https://rubygems.org/
  specs:
    minitest (5.2.3)
    rake (12.3.3)

PLATFORMS
  ruby

DEPENDENCIES
  data_uri!
  minitest
  rake
